GEM
  remote: https://rubygems.org/
  specs:
    bindata (1.8.1)
    chunky_png (1.2.9)
    hashie (2.0.5)
    mini_magick (3.7.0)
      subexec (~> 0.2.1)
    oily_png (1.1.0)
      chunky_png (~> 1.2.7)
    psd (1.5.0)
      bindata
      oily_png
      psd-enginedata (~> 1.0)
      rake
    psd-enginedata (1.0.0)
      hashie (~> 2.0)
    rake (10.1.1)
    subexec (0.2.3)

PLATFORMS
  ruby

DEPENDENCIES
  mini_magick
  psd
